PATH
  remote: .
  specs:
    slacktranslator (0.1.0)
      async-websocket (~> 0.8.0)
      byebug
      dotenv
      slack-ruby-client

GEM
  remote: https://rubygems.org/
  specs:
    async (2.23.1)
      console (~> 1.29)
      fiber-annotation
      io-event (~> 1.9)
      metrics (~> 0.12)
      traces (~> 0.15)
    async-io (1.43.2)
      async
    async-websocket (0.8.0)
      async-io
      websocket-driver (~> 0.7.0)
    base64 (0.2.0)
    byebug (12.0.0)
    console (1.30.2)
      fiber-annotation
      fiber-local (~> 1.1)
      json
    diff-lcs (1.6.1)
    dotenv (3.1.8)
    faraday (2.13.0)
      faraday-net_http (>= 2.0, < 3.5)
      json
      logger
    faraday-mashify (1.0.0)
      faraday (~> 2.0)
      hashie
    faraday-multipart (1.1.0)
      multipart-post (~> 2.0)
    faraday-net_http (3.4.0)
      net-http (>= 0.5.0)
    fiber-annotation (0.2.0)
    fiber-local (1.1.0)
      fiber-storage
    fiber-storage (1.0.1)
    gli (2.22.2)
      ostruct
    hashie (5.0.0)
    io-event (1.10.0)
    json (2.10.2)
    logger (1.7.0)
    metrics (0.12.2)
    multipart-post (2.4.1)
    net-http (0.6.0)
      uri
    ostruct (0.6.1)
    rake (13.2.1)
    rspec (3.13.0)
      rspec-core (~> 3.13.0)
      rspec-expectations (~> 3.13.0)
      rspec-mocks (~> 3.13.0)
    rspec-core (3.13.3)
      rspec-support (~> 3.13.0)
    rspec-expectations (3.13.3)
      diff-lcs (>= 1.2.0, < 2.0)
      rspec-support (~> 3.13.0)
    rspec-mocks (3.13.2)
      diff-lcs (>= 1.2.0, < 2.0)
      rspec-support (~> 3.13.0)
    rspec-support (3.13.2)
    slack-ruby-client (2.5.2)
      faraday (>= 2.0)
      faraday-mashify
      faraday-multipart
      gli
      hashie
      logger
    traces (0.15.2)
    uri (1.0.3)
    websocket-driver (0.7.7)
      base64
      websocket-extensions (>= 0.1.0)
    websocket-extensions (0.1.5)

PLATFORMS
  ruby
  x86_64-linux

DEPENDENCIES
  rake (~> 13.0)
  rspec (~> 3.0)
  slacktranslator!

BUNDLED WITH
   2.6.2
